STORAGE: NONE
NUGET
  remote: https://api.nuget.org/v3/index.json
    Dapplo.Log (2.0.1) - restriction: >= netstandard2.0
    Dapplo.Windows (1.0.28)
      Dapplo.Log (>= 2.0.1) - restriction: >= netstandard2.0
      Dapplo.Windows.Com (>= 1.0.28) - restriction: >= netstandard2.0
      Dapplo.Windows.Common (>= 1.0.28) - restriction: >= netstandard2.0
      Dapplo.Windows.DesktopWindowsManager (>= 1.0.28) - restriction: >= netstandard2.0
      Dapplo.Windows.Gdi32 (>= 1.0.28) - restriction: >= netstandard2.0
      Dapplo.Windows.Input (>= 1.0.28) - restriction: >= netstandard2.0
      Dapplo.Windows.Kernel32 (>= 1.0.28) - restriction: >= netstandard2.0
      Dapplo.Windows.Messages (>= 1.0.28) - restriction: >= netstandard2.0
      Dapplo.Windows.User32 (>= 1.0.28) - restriction: >= netstandard2.0
      System.Reactive (>= 5.0) - restriction: >= netstandard2.0
      System.ValueTuple (>= 4.5) - restriction: >= netstandard2.0
    Dapplo.Windows.Com (1.0.28) - restriction: >= netstandard2.0
      Dapplo.Log (>= 2.0.1) - restriction: >= netstandard2.0
      Dapplo.Windows.Common (>= 1.0.28) - restriction: >= netstandard2.0
    Dapplo.Windows.Common (1.0.28) - restriction: >= netstandard2.0
    Dapplo.Windows.DesktopWindowsManager (1.0.28) - restriction: >= netstandard2.0
      Dapplo.Windows.Common (>= 1.0.28) - restriction: >= netstandard2.0
      Microsoft.Win32.Registry (>= 5.0) - restriction: && (< net472) (< netcoreapp3.1) (>= netstandard2.0)
      System.Runtime.CompilerServices.Unsafe (>= 6.0) - restriction: >= netstandard2.0
    Dapplo.Windows.Gdi32 (1.0.28) - restriction: >= netstandard2.0
      Dapplo.Log (>= 2.0.1) - restriction: >= netstandard2.0
      Dapplo.Windows.Common (>= 1.0.28) - restriction: >= netstandard2.0
      Dapplo.Windows.User32 (>= 1.0.28) - restriction: >= netstandard2.0
      System.Drawing.Common (>= 6.0) - restriction: && (< net472) (< netcoreapp3.1) (>= netstandard2.0)
    Dapplo.Windows.Input (1.0.28) - restriction: >= netstandard2.0
      Dapplo.Windows.Common (>= 1.0.28) - restriction: >= netstandard2.0
      Dapplo.Windows.Messages (>= 1.0.28) - restriction: >= netstandard2.0
      Dapplo.Windows.User32 (>= 1.0.28) - restriction: >= netstandard2.0
      Microsoft.Win32.Registry (>= 5.0) - restriction: && (< net472) (< netcoreapp3.1) (>= netstandard2.0)
      System.Reactive (>= 5.0) - restriction: >= netstandard2.0
      System.ValueTuple (>= 4.5) - restriction: >= netstandard2.0
    Dapplo.Windows.Kernel32 (1.0.28) - restriction: >= netstandard2.0
      Dapplo.Windows.Common (>= 1.0.28) - restriction: >= netstandard2.0
    Dapplo.Windows.Messages (1.0.28) - restriction: >= netstandard2.0
      Dapplo.Log (>= 2.0.1) - restriction: >= netstandard2.0
      Dapplo.Windows.Common (>= 1.0.28) - restriction: >= netstandard2.0
      System.Reactive (>= 5.0) - restriction: >= netstandard2.0
      System.ValueTuple (>= 4.5) - restriction: >= netstandard2.0
    Dapplo.Windows.User32 (1.0.28)
      Dapplo.Log (>= 2.0.1) - restriction: >= netstandard2.0
      Dapplo.Windows.Common (>= 1.0.28) - restriction: >= netstandard2.0
      Dapplo.Windows.Messages (>= 1.0.28) - restriction: >= netstandard2.0
      System.Reactive (>= 5.0) - restriction: >= netstandard2.0
    Microsoft.NETCore.Platforms (7.0.4) - restriction: || (&& (>= monoandroid) (>= netcoreapp2.0) (< netstandard1.3)) (&& (>= monoandroid) (>= netcoreapp2.1) (< netstandard1.3)) (&& (< monoandroid) (>= netcoreapp2.0) (< netcoreapp2.1)) (&& (>= monotouch) (>= netcoreapp2.0)) (&& (>= monotouch) (>= netcoreapp2.1)) (&& (>= net461) (>= netcoreapp2.0)) (&& (>= net461) (>= netcoreapp2.1)) (&& (>= netcoreapp2.0) (< netcoreapp2.1) (>= xamarinios)) (&& (>= netcoreapp2.0) (< netcoreapp2.1) (>= xamarinmac)) (&& (>= netcoreapp2.0) (< netcoreapp2.1) (>= xamarintvos)) (&& (>= netcoreapp2.0) (< netcoreapp2.1) (>= xamarinwatchos)) (&& (>= netcoreapp2.0) (>= uap10.1)) (&& (< netcoreapp2.0) (>= netcoreapp2.1)) (&& (>= netcoreapp2.1) (< netcoreapp3.0)) (&& (>= netcoreapp2.1) (>= uap10.1))
    Microsoft.Win32.Registry (5.0) - restriction: && (< net472) (< netcoreapp3.1) (>= netstandard2.0)
      System.Buffers (>= 4.5.1) - restriction: || (&& (>= monoandroid) (< netstandard1.3)) (>= monotouch) (&& (< net46) (< netcoreapp2.0) (>= netstandard2.0)) (>= xamarinios) (>= xamarinmac) (>= xamarintvos) (>= xamarinwatchos)
      System.Memory (>= 4.5.4) - restriction: || (&& (< monoandroid) (>= netcoreapp2.0) (< netcoreapp2.1) (< xamarinios) (< xamarinmac) (< xamarintvos) (< xamarinwatchos)) (&& (< net46) (< netcoreapp2.0) (>= netstandard2.0) (< xamarinios) (< xamarinmac) (< xamarintvos) (< xamarinwatchos)) (>= uap10.1)
      System.Security.AccessControl (>= 5.0) - restriction: || (&& (>= monoandroid) (< netstandard1.3)) (&& (< monoandroid) (>= netcoreapp2.0)) (>= monotouch) (&& (< net46) (< netcoreapp2.0) (>= netstandard2.0)) (>= net461) (>= netcoreapp2.1) (>= uap10.1) (>= xamarinios) (>= xamarinmac) (>= xamarintvos) (>= xamarinwatchos)
      System.Security.Principal.Windows (>= 5.0) - restriction: || (&& (>= monoandroid) (< netstandard1.3)) (&& (< monoandroid) (>= netcoreapp2.0)) (>= monotouch) (&& (< net46) (< netcoreapp2.0) (>= netstandard2.0)) (>= net461) (>= netcoreapp2.1) (>= uap10.1) (>= xamarinios) (>= xamarinmac) (>= xamarintvos) (>= xamarinwatchos)
    NHotkey (3.0) - restriction: || (>= net462) (>= net6.0-windows7.0)
    NHotkey.Wpf (3.0)
      NHotkey (>= 3.0) - restriction: || (>= net462) (>= net6.0-windows7.0)
    System.Buffers (4.6.1) - restriction: || (&& (>= monoandroid) (< netstandard1.3) (>= netstandard2.0)) (&& (< monoandroid) (>= netcoreapp2.0) (< netcoreapp2.1) (< netstandard2.1) (< xamarintvos) (< xamarinwatchos)) (&& (>= monotouch) (>= netstandard2.0)) (&& (< net46) (>= net462) (>= netstandard2.0)) (&& (< net46) (< netcoreapp2.0) (>= netstandard2.0)) (&& (>= net462) (>= netcoreapp2.0)) (&& (< netcoreapp3.1) (>= netstandard2.0) (>= xamarintvos)) (&& (< netcoreapp3.1) (>= netstandard2.0) (>= xamarinwatchos)) (&& (< netcoreapp3.1) (>= xamarinios)) (&& (< netcoreapp3.1) (>= xamarinmac)) (&& (>= netstandard2.0) (>= uap10.1))
    System.Drawing.Common (9.0.6) - restriction: && (< net472) (< netcoreapp3.1) (>= netstandard2.0)
    System.Memory (4.6.3) - restriction: || (&& (< monoandroid) (>= netcoreapp2.0) (< netcoreapp2.1) (< xamarinios) (< xamarinmac) (< xamarintvos) (< xamarinwatchos)) (&& (< net46) (< netcoreapp2.0) (>= netstandard2.0) (< xamarinios) (< xamarinmac) (< xamarintvos) (< xamarinwatchos)) (&& (>= netstandard2.0) (>= uap10.1))
      System.Buffers (>= 4.6.1) - restriction: || (>= net462) (&& (< netcoreapp2.1) (>= netstandard2.0) (< netstandard2.1))
      System.Numerics.Vectors (>= 4.6.1) - restriction: || (>= net462) (&& (< netcoreapp2.1) (>= netstandard2.0) (< netstandard2.1))
      System.Runtime.CompilerServices.Unsafe (>= 6.1.2) - restriction: || (>= net462) (&& (< netcoreapp2.1) (>= netstandard2.0) (< netstandard2.1))
    System.Numerics.Vectors (4.6.1) - restriction: || (&& (< monoandroid) (>= netcoreapp2.0) (< netcoreapp2.1) (< netstandard2.1) (< xamarintvos) (< xamarinwatchos)) (&& (< net46) (>= net462) (>= netstandard2.0)) (&& (< net46) (< netcoreapp2.0) (>= netstandard2.0) (< netstandard2.1) (< xamarintvos) (< xamarinwatchos)) (&& (>= net462) (>= netcoreapp2.0)) (&& (>= netstandard2.0) (>= uap10.1))
    System.Reactive (6.0.1) - restriction: >= netstandard2.0
      System.Threading.Tasks.Extensions (>= 4.5.4) - restriction: || (>= net472) (&& (< net6.0) (>= netstandard2.0)) (>= uap10.1)
    System.Runtime.CompilerServices.Unsafe (6.1.2) - restriction: || (&& (< monoandroid) (>= netcoreapp2.0) (< netcoreapp2.1) (< netstandard2.1) (< xamarintvos) (< xamarinwatchos)) (&& (>= net462) (>= netcoreapp2.0)) (>= netstandard2.0)
    System.Security.AccessControl (6.0.1) - restriction: || (&& (>= monoandroid) (< netstandard1.3) (>= netstandard2.0)) (&& (< monoandroid) (>= netcoreapp2.0) (< netcoreapp3.1)) (&& (>= monotouch) (>= netstandard2.0)) (&& (< net46) (< netcoreapp2.0) (>= netstandard2.0)) (&& (>= net461) (< net472) (>= netstandard2.0)) (&& (>= netcoreapp2.1) (< netcoreapp3.1)) (&& (< netcoreapp3.1) (>= netstandard2.0) (>= xamarintvos)) (&& (< netcoreapp3.1) (>= netstandard2.0) (>= xamarinwatchos)) (&& (< netcoreapp3.1) (>= xamarinios)) (&& (< netcoreapp3.1) (>= xamarinmac)) (&& (>= netstandard2.0) (>= uap10.1))
      System.Security.Principal.Windows (>= 5.0) - restriction: || (>= net461) (&& (< net6.0) (>= netstandard2.0))
    System.Security.Principal.Windows (5.0) - restriction: || (&& (>= monoandroid) (< netstandard1.3) (>= netstandard2.0)) (&& (< monoandroid) (>= netcoreapp2.0) (< netcoreapp3.1)) (&& (>= monotouch) (>= netstandard2.0)) (&& (< net46) (< netcoreapp2.0) (>= netstandard2.0)) (&& (>= net461) (< net472) (>= netstandard2.0)) (&& (>= netcoreapp2.1) (< netcoreapp3.1)) (&& (< netcoreapp3.1) (>= netstandard2.0) (>= xamarintvos)) (&& (< netcoreapp3.1) (>= netstandard2.0) (>= xamarinwatchos)) (&& (< netcoreapp3.1) (>= xamarinios)) (&& (< netcoreapp3.1) (>= xamarinmac)) (&& (>= netstandard2.0) (>= uap10.1))
      Microsoft.NETCore.Platforms (>= 5.0) - restriction: || (&& (>= netcoreapp2.0) (< netcoreapp2.1)) (&& (>= netcoreapp2.1) (< netcoreapp3.0))
    System.Threading.Tasks.Extensions (4.6.3) - restriction: || (>= net472) (&& (< net6.0) (>= netstandard2.0)) (&& (>= netstandard2.0) (>= uap10.1))
      System.Runtime.CompilerServices.Unsafe (>= 6.1.2) - restriction: || (>= net462) (&& (< netcoreapp2.1) (>= netstandard2.0) (< netstandard2.1))
    System.ValueTuple (4.6.1) - restriction: >= netstandard2.0
